GEM
  remote: https://rubygems.org/
  specs:
    ast (2.4.2)
    byebug (11.1.3)
    diff-lcs (1.5.1)
    json (2.7.2)
    language_server-protocol (3.17.0.3)
    parallel (1.24.0)
    parser (3.3.1.0)
      ast (~> 2.4.1)
      racc
    prism (0.27.0)
    racc (1.7.3)
    rainbow (3.1.1)
    regexp_parser (2.9.0)
    rexml (3.2.6)
    rspec (3.13.0)
      rspec-core (~> 3.13.0)
      rspec-expectations (~> 3.13.0)
      rspec-mocks (~> 3.13.0)
    rspec-core (3.13.0)
      rspec-support (~> 3.13.0)
    rspec-expectations (3.13.0)
      diff-lcs (>= 1.2.0, < 2.0)
      rspec-support (~> 3.13.0)
    rspec-mocks (3.13.0)
      diff-lcs (>= 1.2.0, < 2.0)
      rspec-support (~> 3.13.0)
    rspec-support (3.13.1)
    rubocop (1.63.4)
      json (~> 2.3)
      language_server-protocol (>= 3.17.0)
      parallel (~> 1.10)
      parser (>= 3.3.0.2)
      rainbow (>= 2.2.2, < 4.0)
      regexp_parser (>= 1.8, < 3.0)
      rexml (>= 3.2.5, < 4.0)
      rubocop-ast (>= 1.31.1, < 2.0)
      ruby-progressbar (~> 1.7)
      unicode-display_width (>= 2.4.0, < 3.0)
    rubocop-ast (1.31.3)
      parser (>= 3.3.1.0)
    ruby-lsp (0.16.6)
      language_server-protocol (~> 3.17.0)
      prism (>= 0.23.0, < 0.28)
      sorbet-runtime (>= 0.5.10782)
    ruby-prof (1.7.0)
    ruby-progressbar (1.13.0)
    sorbet-runtime (0.5.11367)
    unicode-display_width (2.5.0)

PLATFORMS
  ruby
  x86_64-linux

DEPENDENCIES
  byebug
  rspec
  rubocop
  ruby-lsp
  ruby-prof

RUBY VERSION
   ruby 3.2.2p53

BUNDLED WITH
   2.5.7
